PATH
  remote: .
  specs:
    reversible_data (0.1.0)
      activerecord
      activesupport

GEM
  remote: https://rubygems.org/
  specs:
    activemodel (3.2.5)
      activesupport (= 3.2.5)
      builder (~> 3.0.0)
    activerecord (3.2.5)
      activemodel (= 3.2.5)
      activesupport (= 3.2.5)
      arel (~> 3.0.2)
      tzinfo (~> 0.3.29)
    activesupport (3.2.5)
      i18n (~> 0.6)
      multi_json (~> 1.0)
    arel (3.0.2)
    builder (3.0.0)
    i18n (0.6.0)
    multi_json (1.3.6)
    rake (0.9.2.2)
    sqlite3 (1.3.6)
    test-unit (2.5.0)
    tzinfo (0.3.33)

PLATFORMS
  ruby

DEPENDENCIES
  rake
  reversible_data!
  sqlite3
  test-unit
